GIT
  remote: https://bitbucket.org/piktur/piktur_security.git
  revision: 0f6c03359b5b372228b13ce2a9970f25d6149a71
  branch: rails5
  specs:
    piktur_security (0.0.1)
      bcrypt (~> 3.1)
      jwt (~> 1.5)
      pundit (~> 1.1)
      rack (~> 2.0)

GIT
  remote: https://bitbucket.org/piktur/piktur_spec.git
  revision: 8a997485f3437b0586e2c01c632f45981fb801fa
  branch: master
  specs:
    piktur_spec (0.0.1)

PATH
  remote: .
  specs:
    piktur (0.0.1)
      activesupport (= 5.1.0)
      dotenv (~> 2.1)
      dry-configurable (~> 0.7)
      dry-types (~> 0.13)
      fast_underscore (~> 0.3)
      foreman (~> 0.8)
      newrelic_rpm (~> 3.17)
      oj (~> 3.5)
      puma (~> 3.4)
      rake (~> 12.0)
      redcarpet (~> 3.0)
      slim (~> 3.0)

GEM
  remote: http://localhost:9292/
  specs:
    activesupport (5.1.0)
      concurrent-ruby (~> 1.0, >= 1.0.2)
      i18n (~> 0.7)
      minitest (~> 5.1)
      tzinfo (~> 1.1)
    allocation_tracer (0.6.3)
    ast (2.4.0)
    awesome_print (1.8.0)
    bcrypt (3.1.12)
    benchmark-ips (2.7.2)
    binding_of_caller (0.8.0)
      debug_inspector (>= 0.0.1)
    coderay (1.1.2)
    concurrent-ruby (1.0.5)
    debug_inspector (0.0.3)
    diff-lcs (1.3)
    docile (1.3.1)
    dotenv (2.4.0)
    dry-configurable (0.7.0)
      concurrent-ruby (~> 1.0)
    dry-container (0.6.0)
      concurrent-ruby (~> 1.0)
      dry-configurable (~> 0.1, >= 0.1.3)
    dry-core (0.4.6)
      concurrent-ruby (~> 1.0)
    dry-equalizer (0.2.1)
    dry-events (0.1.0)
      concurrent-ruby (~> 1.0)
      dry-core (~> 0.4)
      dry-equalizer (~> 0.2)
    dry-inflector (0.1.2)
    dry-logic (0.4.2)
      dry-container (~> 0.2, >= 0.2.6)
      dry-core (~> 0.2)
      dry-equalizer (~> 0.2)
    dry-matcher (0.7.0)
    dry-monads (0.4.0)
      dry-core (~> 0.3, >= 0.3.3)
      dry-equalizer
    dry-struct (0.5.0)
      dry-core (~> 0.4, >= 0.4.3)
      dry-equalizer (~> 0.2)
      dry-types (~> 0.13)
      ice_nine (~> 0.11)
    dry-transaction (0.13.0)
      dry-container (>= 0.2.8)
      dry-events (>= 0.1.0)
      dry-matcher (>= 0.7.0)
      dry-monads (>= 0.4.0)
    dry-types (0.13.2)
      concurrent-ruby (~> 1.0)
      dry-container (~> 0.3)
      dry-core (~> 0.4, >= 0.4.4)
      dry-equalizer (~> 0.2)
      dry-inflector (~> 0.1, >= 0.1.2)
      dry-logic (~> 0.4, >= 0.4.2)
    eventmachine (1.2.7)
    faker (1.8.7)
      i18n (>= 0.7)
    fast_underscore (0.3.1)
    ffi (1.9.25)
    foreman (0.84.0)
      thor (~> 0.19.1)
    hotch (0.5.0)
      allocation_tracer (~> 0.6.3)
      stackprof (~> 0.2.10)
    htmlentities (4.3.4)
    i18n (0.9.5)
      concurrent-ruby (~> 1.0)
    ice_nine (0.11.2)
    interception (0.5)
    jaro_winkler (1.5.1)
    json (2.1.0)
    jwt (1.5.6)
    kramdown (1.17.0)
    listen (3.1.5)
      rb-fsevent (~> 0.9, >= 0.9.4)
      rb-inotify (~> 0.9, >= 0.9.7)
      ruby_dep (~> 1.2)
    method_source (0.9.0)
    mini_portile2 (2.3.0)
    minitest (5.11.3)
    newrelic_rpm (3.18.1.330)
    nokogiri (1.8.2)
      mini_portile2 (~> 2.3.0)
    oj (3.6.2)
    parallel (1.12.1)
    parser (2.5.1.0)
      ast (~> 2.4.0)
    powerpack (0.1.2)
    pry (0.11.3)
      coderay (~> 1.1.0)
      method_source (~> 0.9.0)
    pry-rescue (1.4.5)
      interception (>= 0.5)
      pry
    pry-stack_explorer (0.4.9.2)
      binding_of_caller (>= 0.7)
      pry (>= 0.9.11)
    puma (3.11.4)
    pundit (1.1.0)
      activesupport (>= 3.0.0)
    rack (2.0.5)
    rainbow (3.0.0)
    rake (12.3.1)
    rb-fsevent (0.10.3)
    rb-inotify (0.9.10)
      ffi (>= 0.5.0, < 2)
    redcarpet (3.4.0)
    reverse_markdown (1.1.0)
      nokogiri
    rspec (3.7.0)
      rspec-core (~> 3.7.0)
      rspec-expectations (~> 3.7.0)
      rspec-mocks (~> 3.7.0)
    rspec-core (3.7.1)
      rspec-support (~> 3.7.0)
    rspec-expectations (3.7.0)
      diff-lcs (>= 1.2.0, < 2.0)
      rspec-support (~> 3.7.0)
    rspec-mocks (3.7.0)
      diff-lcs (>= 1.2.0, < 2.0)
      rspec-support (~> 3.7.0)
    rspec-support (3.7.1)
    rubocop (0.57.2)
      jaro_winkler (~> 1.5.1)
      parallel (~> 1.10)
      parser (>= 2.5)
      powerpack (~> 0.1)
      rainbow (>= 2.2.2, < 4.0)
      ruby-progressbar (~> 1.7)
      unicode-display_width (~> 1.0, >= 1.0.1)
    ruby-prof (0.17.0)
    ruby-progressbar (1.9.0)
    ruby_dep (1.5.0)
    simplecov (0.16.1)
      docile (~> 1.1)
      json (>= 1.8, < 3)
      simplecov-html (~> 0.10.0)
    simplecov-html (0.10.2)
    slim (3.0.9)
      temple (>= 0.7.6, < 0.9)
      tilt (>= 1.3.3, < 2.1)
    solargraph (0.22.0)
      coderay (~> 1.1)
      eventmachine (~> 1.2, >= 1.2.5)
      htmlentities (~> 4.3, >= 4.3.4)
      kramdown (~> 1.16)
      parser (~> 2.4)
      reverse_markdown (~> 1.0, >= 1.0.5)
      rubocop (~> 0.52)
      thor (~> 0.19, >= 0.19.4)
      tilt (~> 2.0)
      yard (~> 0.9)
    spring (2.0.2)
      activesupport (>= 4.2)
    spring-watcher-listen (2.0.1)
      listen (>= 2.7, < 4.0)
      spring (>= 1.2, < 3.0)
    stackprof (0.2.11)
    temple (0.8.0)
    thor (0.19.4)
    thread_safe (0.3.6)
    tilt (2.0.8)
    tzinfo (1.2.5)
      thread_safe (~> 0.1)
    unicode-display_width (1.4.0)
    yard (0.9.14)

PLATFORMS
  ruby

DEPENDENCIES
  activesupport
  awesome_print!
  benchmark-ips
  dotenv
  dry-configurable
  dry-monads
  dry-struct
  dry-transaction
  dry-types
  faker
  fast_underscore
  foreman
  hotch
  listen (>= 3.0.5, < 3.2)
  newrelic_rpm
  piktur!
  piktur_security!
  piktur_spec!
  pry
  pry-rescue
  pry-stack_explorer
  puma
  rake
  redcarpet
  rspec
  rubocop
  ruby-prof
  simplecov
  slim
  solargraph
  spring (~> 2.0)
  spring-watcher-listen (~> 2.0)
  yard!

RUBY VERSION
   ruby 2.5.1p57

BUNDLED WITH
   1.16.2
