PATH
  remote: .
  specs:
    piktur (0.0.1)
      activesupport (= 4.2.5.1)
      awesome_print (~> 1.7)
      benchmark-ips (~> 2.7)
      byebug (~> 9.0)
      dotenv (~> 2.1)
      faker (~> 1.6)
      foreman (~> 0.81)
      knock (~> 2.0)
      newrelic_rpm (~> 3.17)
      oj (= 2.18)
      pry (~> 0.10)
      pry-rescue (~> 1.4)
      pry-stack_explorer (~> 0.4)
      puma (~> 3.4)
      pundit (~> 1.1)
      rack_auth_jwt (>= 0.0.1)
      rake (< 12.0)
      redcarpet (~> 3.3)
      rubocop (~> 0.40)
      simplecov (~> 0.12)
      slim (~> 3.0)
      yard (~> 0.8)

GEM
  remote: https://rubygems.org/
  remote: https://gems.piktur.io/
  specs:
    activesupport (4.2.5.1)
      i18n (~> 0.7)
      json (~> 1.7, >= 1.7.7)
      minitest (~> 5.1)
      thread_safe (~> 0.3, >= 0.3.4)
      tzinfo (~> 1.1)
    ast (2.3.0)
    awesome_print (1.7.0)
    bcrypt (3.1.11)
    benchmark-ips (2.7.2)
    binding_of_caller (0.7.2)
      debug_inspector (>= 0.0.1)
    byebug (9.0.6)
    coderay (1.1.1)
    debug_inspector (0.0.2)
    docile (1.1.5)
    dotenv (2.1.1)
    faker (1.7.1)
      i18n (~> 0.5)
    foreman (0.82.0)
      thor (~> 0.19.1)
    i18n (0.7.0)
    interception (0.5)
    json (1.8.3)
    jwt (1.5.6)
    knock (2.0)
      bcrypt (~> 3.1)
      jwt (~> 1.5)
    method_source (0.8.2)
    minitest (5.10.1)
    newrelic_rpm (3.17.2.327)
    oj (2.18.0)
    parser (2.3.3.1)
      ast (~> 2.2)
    powerpack (0.1.1)
    pry (0.10.4)
      coderay (~> 1.1.0)
      method_source (~> 0.8.1)
      slop (~> 3.4)
    pry-rescue (1.4.4)
      interception (>= 0.5)
      pry
    pry-stack_explorer (0.4.9.2)
      binding_of_caller (>= 0.7)
      pry (>= 0.9.11)
    puma (3.6.2)
    pundit (1.1.0)
      activesupport (>= 3.0.0)
    rack (1.6.5)
    rack_auth_jwt (0.0.1)
      activesupport (~> 4.2.5)
      knock (~> 2.0)
      pundit (~> 1.1)
      rack (~> 1.6.5)
    rainbow (2.2.1)
    rake (11.3.0)
    redcarpet (3.4.0)
    rubocop (0.46.0)
      parser (>= 2.3.1.1, < 3.0)
      powerpack (~> 0.1)
      rainbow (>= 1.99.1, < 3.0)
      ruby-progressbar (~> 1.7)
      unicode-display_width (~> 1.0, >= 1.0.1)
    ruby-progressbar (1.8.1)
    simplecov (0.12.0)
      docile (~> 1.1.0)
      json (>= 1.8, < 3)
      simplecov-html (~> 0.10.0)
    simplecov-html (0.10.0)
    slim (3.0.7)
      temple (~> 0.7.6)
      tilt (>= 1.3.3, < 2.1)
    slop (3.6.0)
    temple (0.7.7)
    thor (0.19.4)
    thread_safe (0.3.5)
    tilt (2.0.5)
    tzinfo (1.2.2)
      thread_safe (~> 0.1)
    unicode-display_width (1.1.2)
    yard (0.9.5)

PLATFORMS
  ruby

DEPENDENCIES
  activesupport
  awesome_print!
  benchmark-ips
  byebug
  dotenv
  faker
  foreman
  knock!
  newrelic_rpm
  piktur!
  pry
  pry-rescue
  pry-stack_explorer
  puma
  rack_auth_jwt!
  rake
  redcarpet
  rubocop
  simplecov
  slim
  yard!

RUBY VERSION
   ruby 2.3.0p0

BUNDLED WITH
   1.13.7
